GEM
  remote: https://rubygems.org/
  specs:
    awesome_print (1.8.0)
    byebug (9.0.6)
    polyglot (0.3.5)
    treetop (1.6.8)
      polyglot (~> 0.3)

PLATFORMS
  ruby

DEPENDENCIES
  awesome_print
  byebug
  treetop

BUNDLED WITH
   1.14.5
